GEM
  remote: https://rubygems.org/
  specs:
    chronic (0.10.2)
    eventmachine (1.0.7)
    faraday (0.9.0)
      multipart-post (>= 1.2, < 3)
    faraday_middleware (0.9.1)
      faraday (>= 0.7.4, < 0.10)
    faye-websocket (0.9.2)
      eventmachine (>= 0.12.0)
      websocket-driver (>= 0.5.1)
    idobata (0.0.9)
      faraday (>= 0.8.8)
    multi_json (1.10.1)
    multipart-post (2.0.0)
    slack-api (1.0.0)
      faraday (>= 0.7, <= 0.9)
      faraday_middleware (~> 0.8)
      faye-websocket (~> 0.9.2)
      multi_json (~> 1.0, >= 1.0.3)
    taglib-ruby (0.7.0)
    websocket-driver (0.5.1)
      websocket-extensions (>= 0.1.0)
    websocket-extensions (0.1.1)
    whenever (0.9.4)
      chronic (>= 0.6.3)

PLATFORMS
  ruby

DEPENDENCIES
  idobata
  slack-api
  taglib-ruby
  whenever
